GEM
  remote: http://rubygems.org/
  specs:
    addressable (2.2.6)
    bluecloth (2.1.0)
    configuration (1.2.0)
    em-websocket (0.2.1)
      addressable (>= 2.1.1)
      eventmachine (>= 0.12.9)
    eventmachine (0.12.10)
    ffi (1.0.9)
    gli (1.3.2)
    guard (0.3.4)
      thor (~> 0.14.6)
    guard-livereload (0.1.11)
      em-websocket (~> 0.2.0)
      guard (>= 0.2.2)
      json (~> 1.5.1)
    heroku (2.1.4)
      launchy (>= 0.3.2)
      rest-client (~> 1.6.1)
      term-ansicolor (~> 1.0.5)
    json (1.5.4)
    launchy (0.4.0)
      configuration (>= 0.0.5)
      rake (>= 0.8.1)
    mime-types (1.16)
    nokogiri (1.5.0)
    pdfkit (0.5.0)
    rack (1.3.2)
    rake (0.9.0)
    rb-inotify (0.8.4)
      ffi (>= 0.5.0)
    rest-client (1.6.1)
      mime-types (>= 1.16)
    rmagick (2.13.1)
    showoff (0.4.2)
      bluecloth
      gli (>= 1.2.5)
      json
      nokogiri
      sinatra
    sinatra (1.2.6)
      rack (~> 1.1)
      tilt (< 2.0, >= 1.2.2)
    term-ansicolor (1.0.5)
    thor (0.14.6)
    tilt (1.3.3)

PLATFORMS
  ruby

DEPENDENCIES
  bluecloth
  gli
  guard
  guard-livereload
  heroku
  nokogiri
  pdfkit
  rb-inotify
  rmagick
  showoff
